GEM
  remote: https://rubygems.org/
  specs:
    cairo (1.16.4)
      native-package-installer (>= 1.0.3)
      pkg-config (>= 1.2.2)
    cairo-gobject (3.3.7)
      cairo (>= 1.16.2)
      glib2 (= 3.3.7)
    gio2 (3.3.7)
      gobject-introspection (= 3.3.7)
    glib2 (3.3.7)
      native-package-installer (>= 1.0.3)
      pkg-config (>= 1.3.5)
    gobject-introspection (3.3.7)
      glib2 (= 3.3.7)
    mustermann (2.0.2)
      ruby2_keywords (~> 0.0.1)
    native-package-installer (1.0.7)
    pkg-config (1.3.8)
    poppler (3.3.7)
      cairo-gobject (= 3.3.7)
      gio2 (= 3.3.7)
    rack (2.2.4)
    rack-protection (2.2.3)
      rack
    rake (12.3.3)
    ruby2_keywords (0.0.5)
    sinatra (2.2.3)
      mustermann (~> 2.0)
      rack (~> 2.2)
      rack-protection (= 2.2.3)
      tilt (~> 2.0)
    tilt (2.0.11)

PLATFORMS
  ruby

DEPENDENCIES
  poppler
  rake
  sinatra

BUNDLED WITH
   2.0.2
